PATH
  remote: .
  specs:
    worker_killer (0.1.0)
      get_process_mem

GEM
  remote: https://rubygems.org/
  specs:
    ansi (1.5.0)
    diff-lcs (1.3)
    docile (1.3.2)
    ffi (1.11.3)
    get_process_mem (0.2.5)
      ffi (~> 1.0)
    json (2.2.0)
    rake (13.0.1)
    rspec (3.9.0)
      rspec-core (~> 3.9.0)
      rspec-expectations (~> 3.9.0)
      rspec-mocks (~> 3.9.0)
    rspec-core (3.9.0)
      rspec-support (~> 3.9.0)
    rspec-expectations (3.9.0)
      diff-lcs (>= 1.2.0, < 2.0)
      rspec-support (~> 3.9.0)
    rspec-mocks (3.9.0)
      diff-lcs (>= 1.2.0, < 2.0)
      rspec-support (~> 3.9.0)
    rspec-support (3.9.0)
    rspec_junit_formatter (0.4.1)
      rspec-core (>= 2, < 4, != 2.12.0)
    simplecov (0.17.1)
      docile (~> 1.1)
      json (>= 1.8, < 3)
      simplecov-html (~> 0.10.0)
    simplecov-console (0.6.0)
      ansi
      simplecov
      terminal-table
    simplecov-html (0.10.2)
    terminal-table (1.8.0)
      unicode-display_width (~> 1.1, >= 1.1.1)
    unicode-display_width (1.6.0)

PLATFORMS
  ruby

DEPENDENCIES
  bundler (~> 2.0, >= 2.0.1)
  rake
  rspec
  rspec_junit_formatter
  simplecov
  simplecov-console
  worker_killer!

BUNDLED WITH
   2.0.2
